PATH
  remote: .
  specs:
    maroon (0.8.0)
      sorcerer (~> 1.0.2)
      sourcify (~> 0.6.0.rc4)

GEM
  remote: http://rubygems.org/
  specs:
    byebug (2.3.1)
      columnize (~> 0.3.6)
      debugger-linecache (~> 1.2.0)
    columnize (0.3.6)
    debugger (1.6.2)
      columnize (>= 0.3.1)
      debugger-linecache (~> 1.2.0)
      debugger-ruby_core_source (~> 1.2.3)
    debugger-linecache (1.2.0)
    debugger-ruby_core_source (1.2.3)
    file-tail (1.0.12)
      tins (~> 0.5)
    minitest (5.0.8)
    rake (13.0.1)
    ruby2ruby (1.3.1)
      ruby_parser (~> 2.0)
      sexp_processor (~> 3.0)
    ruby_parser (2.3.1)
      sexp_processor (~> 3.0)
    sexp_processor (3.2.0)
    sorcerer (1.0.2)
    sourcify (0.6.0.rc4)
      file-tail (~> 1.0.10)
      ruby2ruby (~> 1.3.1)
      ruby_parser (~> 2.3.1)
      sexp_processor (~> 3.2.0)
    tins (0.13.1)

PLATFORMS
  ruby

DEPENDENCIES
  byebug
  debugger
  maroon!
  minitest (>= 5.0.0)
  rake (>= 10.0.0)
